PATH
  remote: .
  specs:
    swarm_p2p (0.0.2.pre)
      base58-alphabets (~> 0.0.1)
      crypto-lite (~> 0.0.1)
      eventmachine (~> 1.x)
      recursive-open-struct (~> 1.1.3)
      sequel (~> 5.43.0)
      sqlite3 (~> 1.4)

GEM
  remote: https://rubygems.org/
  specs:
    base58-alphabets (0.0.1)
    crypto-lite (0.0.1)
    eventmachine (1.2.7)
    recursive-open-struct (1.1.3)
    sequel (5.43.0)
    sqlite3 (1.4.2)
    yard (0.9.26)

PLATFORMS
  ruby

DEPENDENCIES
  swarm_p2p!
  yard (~> 0.9)

BUNDLED WITH
   2.1.4
