GIT
  remote: https://github.com/sparklemotion/sqlite3-ruby
  revision: 194493be44cd41b73e612eed69ba49354f0d32e7
  specs:
    sqlite3 (1.3.13.20180326210955)

PATH
  remote: .
  specs:
    swarm_p2p (0.0.2.pre)
      base58-alphabets (~> 0.0.1)
      crypto-lite (~> 0.0.1)
      eventmachine (~> 1.x)
      recursive-open-struct (~> 1.1.3)
      sequel (~> 5.43.0)

GEM
  remote: https://rubygems.org/
  specs:
    base58-alphabets (0.0.1)
    crypto-lite (0.0.1)
    eventmachine (1.2.7)
    recursive-open-struct (1.1.3)
    sequel (5.43.0)
    yard (0.9.26)

PLATFORMS
  x86_64-linux

DEPENDENCIES
  sqlite3!
  swarm_p2p!
  yard (~> 0.9)

BUNDLED WITH
   2.2.21
